GEM
  remote: https://rubygems.org/
  specs:
    colorize (0.7.5)
    json (1.8.2)

PLATFORMS
  ruby

DEPENDENCIES
  colorize
  json
